GEM
  remote: https://rubygems.org/
  specs:
    opcua_client (0.0.5)

PLATFORMS
  x86_64-linux

DEPENDENCIES
  opcua_client

BUNDLED WITH
   2.4.12
